GIT
  remote: git://github.com/bryanp/pakyow-rake-db.git
  revision: f496957e14e3944dc619a6f84a97ae5306024b40
  specs:
    pakyow-rake-db (0.1.0)
      pakyow-core (>= 0.9)
      pakyow-support (>= 0.9)
      rake (~> 11.1)
      sequel (~> 4.25)

GIT
  remote: git://github.com/pakyow/assets.git
  revision: 8b80cf61448d96fc10661c74a5c17684c820821b
  specs:
    pakyow-assets (0.1.2)
      pakyow-core (>= 0.11)
      pakyow-presenter (>= 0.11)
      pakyow-support (>= 0.11)
      sass (~> 3.4)
      yui-compressor (~> 0.12)

GEM
  remote: https://rubygems.org/
  specs:
    addressable (2.5.0)
      public_suffix (~> 2.0, >= 2.0.2)
    ansi (1.5.0)
    ast (2.3.0)
    bcrypt (3.1.11)
    celluloid (0.17.3)
      celluloid-essentials
      celluloid-extras
      celluloid-fsm
      celluloid-pool
      celluloid-supervision
      timers (>= 4.1.1)
    celluloid-essentials (0.20.5)
      timers (>= 4.1.1)
    celluloid-extras (0.20.5)
      timers (>= 4.1.1)
    celluloid-fsm (0.20.5)
      timers (>= 4.1.1)
    celluloid-pool (0.20.5)
      timers (>= 4.1.1)
    celluloid-supervision (0.20.5)
      timers (>= 4.1.1)
    concurrent-ruby (1.0.2)
    connection_pool (2.2.0)
    css_parser (1.4.6)
      addressable
    diff-lcs (1.2.5)
    dotenv (2.1.1)
    dotenv-deployment (0.0.2)
    hitimes (1.2.3)
    htmlentities (4.3.4)
    json (1.8.3)
    mail (2.6.4)
      mime-types (>= 1.16, < 4)
    mime-types (3.1)
      mime-types-data (~> 3.2015)
    mime-types-data (3.2016.0521)
    oga (2.7)
      ast
      ruby-ll (~> 2.1)
    pakyow (0.11.3)
      bundler (~> 1.10)
      pakyow-core (= 0.11.3)
      pakyow-mailer (= 0.11.3)
      pakyow-presenter (= 0.11.3)
      pakyow-rake (= 0.11.3)
      pakyow-realtime (= 0.11.3)
      pakyow-support (= 0.11.3)
      pakyow-test (= 0.11.3)
      pakyow-ui (= 0.11.3)
      thor (~> 0.19)
    pakyow-core (0.11.3)
      pakyow-support (= 0.11.3)
      rack (~> 1.6)
    pakyow-mailer (0.11.3)
      mail (~> 2.6)
      pakyow-core (= 0.11.3)
      pakyow-presenter (= 0.11.3)
      pakyow-support (= 0.11.3)
      premailer (~> 1.8)
    pakyow-presenter (0.11.3)
      oga (~> 2.0)
      pakyow-core (= 0.11.3)
      pakyow-support (= 0.11.3)
    pakyow-rake (0.11.3)
      pakyow-core (= 0.11.3)
      pakyow-presenter (= 0.11.3)
      pakyow-support (= 0.11.3)
      rake (~> 11.1)
    pakyow-realtime (0.11.3)
      concurrent-ruby (~> 1.0)
      pakyow-core (= 0.11.3)
      pakyow-support (= 0.11.3)
      redis (~> 3.2)
      websocket (~> 1.2)
    pakyow-slim (1.0.0)
      pakyow-core (~> 0)
      pakyow-presenter (~> 0)
      pakyow-support (~> 0)
      slim (~> 3.0)
    pakyow-support (0.11.3)
    pakyow-test (0.11.3)
      pakyow-core (= 0.11.3)
      pakyow-mailer (= 0.11.3)
      pakyow-presenter (= 0.11.3)
      pakyow-support (= 0.11.3)
    pakyow-ui (0.11.3)
      pakyow-core (= 0.11.3)
      pakyow-presenter (= 0.11.3)
      pakyow-realtime (= 0.11.3)
      pakyow-support (= 0.11.3)
    pg (0.19.0)
    premailer (1.8.7)
      css_parser (>= 1.4.5)
      htmlentities (>= 4.0.0)
    public_suffix (2.0.4)
    puma (3.6.2)
    rack (1.6.5)
    rake (11.3.0)
    redis (3.3.2)
    redis-namespace (1.5.2)
      redis (~> 3.0, >= 3.0.4)
    rspec (3.5.0)
      rspec-core (~> 3.5.0)
      rspec-expectations (~> 3.5.0)
      rspec-mocks (~> 3.5.0)
    rspec-core (3.5.4)
      rspec-support (~> 3.5.0)
    rspec-expectations (3.5.0)
      diff-lcs (>= 1.2.0, < 2.0)
      rspec-support (~> 3.5.0)
    rspec-mocks (3.5.0)
      diff-lcs (>= 1.2.0, < 2.0)
      rspec-support (~> 3.5.0)
    rspec-support (3.5.0)
    ruby-ll (2.1.2)
      ansi
      ast
    sass (3.4.22)
    sequel (4.40.0)
    sidekiq (3.5.4)
      celluloid (~> 0.17.2)
      connection_pool (~> 2.2, >= 2.2.0)
      json (~> 1.0)
      redis (~> 3.2, >= 3.2.1)
      redis-namespace (~> 1.5, >= 1.5.2)
    slim (3.0.7)
      temple (~> 0.7.6)
      tilt (>= 1.3.3, < 2.1)
    temple (0.7.7)
    thor (0.19.2)
    thread_safe (0.3.5)
    tilt (2.0.5)
    timers (4.1.1)
      hitimes
    tzinfo (1.2.2)
      thread_safe (~> 0.1)
    websocket (1.2.3)
    yui-compressor (0.12.0)

PLATFORMS
  ruby

DEPENDENCIES
  bcrypt
  dotenv
  dotenv-deployment
  pakyow (~> 0.11.3)
  pakyow-assets!
  pakyow-rake-db!
  pakyow-slim (~> 1.0)
  pg
  puma
  rake
  rspec
  sequel
  sidekiq
  tzinfo

RUBY VERSION
   ruby 2.2.4p230

BUNDLED WITH
   1.13.6
